PATH
  remote: .
  specs:
    shopify-money (2.2.2)

GEM
  remote: https://rubygems.org/
  specs:
    actioncable (6.1.7.8)
      actionpack (= 6.1.7.8)
      activesupport (= 6.1.7.8)
      nio4r (~> 2.0)
      websocket-driver (>= 0.6.1)
    actionmailbox (6.1.7.8)
      actionpack (= 6.1.7.8)
      activejob (= 6.1.7.8)
      activerecord (= 6.1.7.8)
      activestorage (= 6.1.7.8)
      activesupport (= 6.1.7.8)
      mail (>= 2.7.1)
    actionmailer (6.1.7.8)
      actionpack (= 6.1.7.8)
      actionview (= 6.1.7.8)
      activejob (= 6.1.7.8)
      activesupport (= 6.1.7.8)
      mail (~> 2.5, >= 2.5.4)
      rails-dom-testing (~> 2.0)
    actionpack (6.1.7.8)
      actionview (= 6.1.7.8)
      activesupport (= 6.1.7.8)
      rack (~> 2.0, >= 2.0.9)
      rack-test (>= 0.6.3)
      rails-dom-testing (~> 2.0)
      rails-html-sanitizer (~> 1.0, >= 1.2.0)
    actiontext (6.1.7.8)
      actionpack (= 6.1.7.8)
      activerecord (= 6.1.7.8)
      activestorage (= 6.1.7.8)
      activesupport (= 6.1.7.8)
      nokogiri (>= 1.8.5)
    actionview (6.1.7.8)
      activesupport (= 6.1.7.8)
      builder (~> 3.1)
      erubi (~> 1.4)
      rails-dom-testing (~> 2.0)
      rails-html-sanitizer (~> 1.1, >= 1.2.0)
    activejob (6.1.7.8)
      activesupport (= 6.1.7.8)
      globalid (>= 0.3.6)
    activemodel (6.1.7.8)
      activesupport (= 6.1.7.8)
    activerecord (6.1.7.8)
      activemodel (= 6.1.7.8)
      activesupport (= 6.1.7.8)
    activestorage (6.1.7.8)
      actionpack (= 6.1.7.8)
      activejob (= 6.1.7.8)
      activerecord (= 6.1.7.8)
      activesupport (= 6.1.7.8)
      marcel (~> 1.0)
      mini_mime (>= 1.1.0)
    activesupport (6.1.7.8)
      concurrent-ruby (~> 1.0, >= 1.0.2)
      i18n (>= 1.6, < 2)
      minitest (>= 5.1)
      tzinfo (~> 2.0)
      zeitwerk (~> 2.3)
    ast (2.4.2)
    builder (3.2.4)
    byebug (11.1.3)
    coderay (1.1.3)
    concurrent-ruby (1.3.1)
    crass (1.0.6)
    database_cleaner (1.99.0)
    date (3.3.4)
    diff-lcs (1.5.1)
    docile (1.4.0)
    erubi (1.12.0)
    globalid (1.2.1)
      activesupport (>= 6.1)
    i18n (1.14.5)
      concurrent-ruby (~> 1.0)
    jaro_winkler (1.5.6)
    loofah (2.22.0)
      crass (~> 1.0.2)
      nokogiri (>= 1.12.0)
    mail (2.8.1)
      mini_mime (>= 0.1.1)
      net-imap
      net-pop
      net-smtp
    marcel (1.0.4)
    method_source (1.0.0)
    mini_mime (1.1.5)
    minitest (5.23.1)
    net-imap (0.4.10)
      date
      net-protocol
    net-pop (0.1.2)
      net-protocol
    net-protocol (0.2.2)
      timeout
    net-smtp (0.5.0)
      net-protocol
    nio4r (2.7.1)
    nokogiri (1.16.5-aarch64-linux)
      racc (~> 1.4)
    nokogiri (1.16.5-arm-linux)
      racc (~> 1.4)
    nokogiri (1.16.5-arm64-darwin)
      racc (~> 1.4)
    nokogiri (1.16.5-x86-linux)
      racc (~> 1.4)
    nokogiri (1.16.5-x86_64-darwin)
      racc (~> 1.4)
    nokogiri (1.16.5-x86_64-linux)
      racc (~> 1.4)
    parallel (1.24.0)
    parser (3.3.0.5)
      ast (~> 2.4.1)
      racc
    pry (0.14.2)
      coderay (~> 1.1)
      method_source (~> 1.0)
    pry-byebug (3.10.1)
      byebug (~> 11.0)
      pry (>= 0.13, < 0.15)
    racc (1.8.0)
    rack (2.2.9)
    rack-test (2.1.0)
      rack (>= 1.3)
    rails (6.1.7.8)
      actioncable (= 6.1.7.8)
      actionmailbox (= 6.1.7.8)
      actionmailer (= 6.1.7.8)
      actionpack (= 6.1.7.8)
      actiontext (= 6.1.7.8)
      actionview (= 6.1.7.8)
      activejob (= 6.1.7.8)
      activemodel (= 6.1.7.8)
      activerecord (= 6.1.7.8)
      activestorage (= 6.1.7.8)
      activesupport (= 6.1.7.8)
      bundler (>= 1.15.0)
      railties (= 6.1.7.8)
      sprockets-rails (>= 2.0.0)
    rails-dom-testing (2.2.0)
      activesupport (>= 5.0.0)
      minitest
      nokogiri (>= 1.6)
    rails-html-sanitizer (1.6.0)
      loofah (~> 2.21)
      nokogiri (~> 1.14)
    railties (6.1.7.8)
      actionpack (= 6.1.7.8)
      activesupport (= 6.1.7.8)
      method_source
      rake (>= 12.2)
      thor (~> 1.0)
    rainbow (3.1.1)
    rake (13.2.0)
    rexml (3.2.8)
      strscan (>= 3.0.9)
    rspec (3.13.0)
      rspec-core (~> 3.13.0)
      rspec-expectations (~> 3.13.0)
      rspec-mocks (~> 3.13.0)
    rspec-core (3.13.0)
      rspec-support (~> 3.13.0)
    rspec-expectations (3.13.0)
      diff-lcs (>= 1.2.0, < 2.0)
      rspec-support (~> 3.13.0)
    rspec-mocks (3.13.0)
      diff-lcs (>= 1.2.0, < 2.0)
      rspec-support (~> 3.13.0)
    rspec-support (3.13.1)
    rubocop (0.81.0)
      jaro_winkler (~> 1.5.1)
      parallel (~> 1.10)
      parser (>= 2.7.0.1)
      rainbow (>= 2.2.2, < 4.0)
      rexml
      ruby-progressbar (~> 1.7)
      unicode-display_width (>= 1.4.0, < 2.0)
    ruby-progressbar (1.13.0)
    simplecov (0.22.0)
      docile (~> 1.1)
      simplecov-html (~> 0.11)
      simplecov_json_formatter (~> 0.1)
    simplecov-html (0.12.3)
    simplecov_json_formatter (0.1.4)
    sprockets (4.2.1)
      concurrent-ruby (~> 1.0)
      rack (>= 2.2.4, < 4)
    sprockets-rails (3.4.2)
      actionpack (>= 5.2)
      activesupport (>= 5.2)
      sprockets (>= 3.0.0)
    sqlite3 (1.7.3-aarch64-linux)
    sqlite3 (1.7.3-arm-linux)
    sqlite3 (1.7.3-arm64-darwin)
    sqlite3 (1.7.3-x86-linux)
    sqlite3 (1.7.3-x86_64-darwin)
    sqlite3 (1.7.3-x86_64-linux)
    strscan (3.1.0)
    thor (1.3.1)
    timeout (0.4.1)
    tzinfo (2.0.6)
      concurrent-ruby (~> 1.0)
    unicode-display_width (1.8.0)
    websocket-driver (0.7.6)
      websocket-extensions (>= 0.1.0)
    websocket-extensions (0.1.5)
    zeitwerk (2.6.15)

PLATFORMS
  aarch64-linux
  arm-linux
  arm64-darwin
  x86-linux
  x86_64-darwin
  x86_64-linux

DEPENDENCIES
  bundler
  database_cleaner (~> 1.6)
  pry-byebug
  rails (~> 6.0)
  rspec (~> 3.2)
  rubocop (~> 0.81.0)
  shopify-money!
  simplecov
  sqlite3

BUNDLED WITH
   2.5.3
